GEM
  remote: https://rubygems.org/
  specs:
    diff-lcs (1.3)
    facter (2.4.6)
    fast_gettext (1.1.0)
    gettext (3.2.2)
      locale (>= 2.0.5)
      text (>= 1.3.0)
    gettext-setup (0.13)
      fast_gettext (~> 1.1.0)
      gettext (>= 3.0.2)
      locale
    hiera (3.3.0)
    json_pure (1.8.6)
    locale (2.1.2)
    metaclass (0.0.4)
    mocha (1.2.1)
      metaclass (~> 0.0.1)
    puppet (4.9.2)
      facter (> 2.0, < 4)
      gettext-setup (>= 0.10, < 1)
      hiera (>= 2.0, < 4)
      json_pure (~> 1.8)
      locale (~> 2.1)
    puppet-lint (2.1.1)
    puppet-syntax (2.3.0)
      rake
    puppetlabs_spec_helper (2.0.1)
      mocha (~> 1.0)
      puppet-lint (~> 2.0)
      puppet-syntax (~> 2.0)
      rspec-puppet (~> 2.0)
    rake (12.0.0)
    rspec (3.5.0)
      rspec-core (~> 3.5.0)
      rspec-expectations (~> 3.5.0)
      rspec-mocks (~> 3.5.0)
    rspec-core (3.5.4)
      rspec-support (~> 3.5.0)
    rspec-expectations (3.5.0)
      diff-lcs (>= 1.2.0, < 2.0)
      rspec-support (~> 3.5.0)
    rspec-mocks (3.5.0)
      diff-lcs (>= 1.2.0, < 2.0)
      rspec-support (~> 3.5.0)
    rspec-puppet (2.5.0)
      rspec
    rspec-support (3.5.0)
    text (1.3.1)

PLATFORMS
  ruby

DEPENDENCIES
  puppet
  puppetlabs_spec_helper
  rake
  rspec-puppet

BUNDLED WITH
   1.14.3
